GEM
  remote: https://rubygems.org/
  specs:
    addressable (2.8.1)
      public_suffix (>= 2.0.2, < 6.0)
    artii (2.1.2)
    cgi (0.1.1)
    colorize (0.8.1)
    encryptor (3.0.0)
    equatable (0.7.0)
    httparty (0.21.0)
      mini_mime (>= 1.0.0)
      multi_xml (>= 0.5.2)
    launchy (2.5.2)
      addressable (~> 2.8)
    mini_mime (1.1.2)
    multi_xml (0.6.0)
    necromancer (0.5.1)
    pastel (0.7.4)
      equatable (~> 0.6)
      tty-color (~> 0.5)
    public_suffix (4.0.7)
    redcarpet (3.5.1)
    tty-color (0.5.1)
    tty-cursor (0.7.1)
    tty-prompt (0.21.0)
      necromancer (~> 0.5.0)
      pastel (~> 0.7.0)
      tty-reader (~> 0.7.0)
    tty-reader (0.7.0)
      tty-cursor (~> 0.7)
      tty-screen (~> 0.7)
      wisper (~> 2.0.0)
    tty-screen (0.7.1)
    wisper (2.0.1)

PLATFORMS
  ruby

DEPENDENCIES
  artii (~> 2.1, >= 2.1.2)
  cgi (~> 0.1.1)
  colorize (~> 0.8.1)
  encryptor (~> 3.0)
  httparty (~> 0.21.0)
  launchy (~> 2.5)
  redcarpet (~> 3.5)
  tty-prompt (~> 0.21.0)

BUNDLED WITH
   2.1.2
